GEM
  remote: http://rubygems.org/
  specs:
    activemodel (3.0.9)
      activesupport (= 3.0.9)
      builder (~> 2.1.2)
      i18n (~> 0.5.0)
    activerecord (3.0.9)
      activemodel (= 3.0.9)
      activesupport (= 3.0.9)
      arel (~> 2.0.10)
      tzinfo (~> 0.3.23)
    activesupport (3.0.9)
    arel (2.0.10)
    builder (2.1.2)
    haml (3.1.2)
    i18n (0.5.0)
    rack (1.3.1)
    ratpack (0.1.3)
      rack (>= 1.0.0)
      sinatra (>= 0.9.1)
    sinatra (1.2.6)
      rack (~> 1.1)
      tilt (>= 1.2.2, < 2.0)
    sinatra-content-for (0.2)
      sinatra
    sqlite3 (1.3.3)
    tilt (1.3.2)
    tzinfo (0.3.29)
    will_paginate (2.3.15)

PLATFORMS
  ruby

DEPENDENCIES
  activerecord
  haml
  ratpack
  sinatra
  sinatra-content-for
  sqlite3
  will_paginate
