GEM
  remote: http://rubygems.org/
  specs:
    haml (3.1.2)
    rack (1.3.1)
    ratpack (0.1.3)
      rack (>= 1.0.0)
      sinatra (>= 0.9.1)
    sinatra (1.2.6)
      rack (~> 1.1)
      tilt (>= 1.2.2, < 2.0)
    sinatra-content-for (0.2)
      sinatra
    tilt (1.3.2)
    will_paginate (2.3.15)

PLATFORMS
  ruby

DEPENDENCIES
  haml
  ratpack
  sinatra
  sinatra-content-for
  will_paginate
